GEM
  remote: https://rubygems.org/
  specs:
    activemodel (4.0.0)
      activesupport (= 4.0.0)
      builder (~> 3.1.0)
    activerecord (4.0.0)
      activemodel (= 4.0.0)
      activerecord-deprecated_finders (~> 1.0.2)
      activesupport (= 4.0.0)
      arel (~> 4.0.0)
    activerecord-deprecated_finders (1.0.3)
    activesupport (4.0.0)
      i18n (~> 0.6, >= 0.6.4)
      minitest (~> 4.2)
      multi_json (~> 1.3)
      thread_safe (~> 0.1)
      tzinfo (~> 0.3.37)
    arel (4.0.0)
    atomic (1.1.10)
    backports (3.3.3)
    builder (3.1.4)
    chunky_png (1.2.8)
    compass (0.12.2)
      chunky_png (~> 1.2)
      fssm (>= 0.2.7)
      sass (~> 3.1)
    crack (0.4.1)
      safe_yaml (~> 0.9.0)
    daemons (1.1.9)
    diff-lcs (1.2.4)
    erubis (2.7.0)
    escape_utils (0.3.2)
    eventmachine (1.0.3)
    fssm (0.2.10)
    gabba (1.0.1)
    grit (2.5.0)
      diff-lcs (~> 1.1)
      mime-types (~> 1.15)
      posix-spawn (~> 0.3.6)
    httparty (0.11.0)
      multi_json (~> 1.0)
      multi_xml (>= 0.5.2)
    i18n (0.6.4)
    inifile (2.0.2)
    ipaddress (0.8.0)
    jsmin (1.0.1)
    metaclass (0.0.1)
    mime-types (1.23)
    minitest (4.7.5)
    mixlib-cli (1.3.0)
    mixlib-config (1.1.2)
    mixlib-log (1.6.0)
    mixlib-shellout (1.2.0)
    mocha (0.14.0)
      metaclass (~> 0.0.1)
    multi_json (1.7.7)
    multi_xml (0.5.5)
    ohai (6.18.0)
      ipaddress
      mixlib-cli
      mixlib-config
      mixlib-log
      mixlib-shellout
      systemu
      yajl-ruby
    pistol (0.0.2)
    posix-spawn (0.3.6)
    rack (1.5.2)
    rack-compatible (0.0.1)
      rack
    rack-flash3 (1.0.3)
      rack
    rack-protection (1.5.0)
      rack
    rack-test (0.6.2)
      rack (>= 1.0)
    rtopia (0.2.3)
    safe_yaml (0.9.5)
    sass (3.2.10)
    sinatra (1.4.3)
      rack (~> 1.4)
      rack-protection (~> 1.4)
      tilt (~> 1.3, >= 1.3.4)
    sinatra-activerecord (1.2.3)
      activerecord (>= 3.0)
      sinatra (~> 1.0)
    sinatra-assetpack (0.3.1)
      jsmin
      rack-test
      sinatra
      tilt (>= 1.3.0)
    sinatra-contrib (1.4.0)
      backports (>= 2.0)
      eventmachine
      rack-protection
      rack-test
      sinatra (~> 1.4.2)
      tilt (~> 1.3)
    sinatra-partial (0.4.0)
      sinatra
    sinatra-routing-helpers (0.0.3)
      rack
      sinatra (~> 1.4.0)
    sinatra-support (1.2.2)
      sinatra (>= 1.0)
    sinatra-tag-helpers (0.0.3)
      escape_utils (>= 0.3.0)
      sinatra (~> 1.4.0)
    sqlite3 (1.3.7)
    systemu (2.5.2)
    thin (1.5.1)
      daemons (>= 1.0.9)
      eventmachine (>= 0.12.6)
      rack (>= 1.0.0)
    thread_safe (0.1.2)
      atomic
    tilt (1.4.1)
    tzinfo (0.3.37)
    yajl-ruby (1.1.0)

PLATFORMS
  ruby

DEPENDENCIES
  activerecord
  compass (~> 0.12)
  crack
  erubis
  escape_utils
  gabba
  grit
  httparty
  inifile
  jsmin (~> 1.0.1)
  mocha
  ohai
  pistol (~> 0.0.2)
  rack-compatible
  rack-flash3
  rack-test
  rtopia (~> 0.2.3)
  sinatra
  sinatra-activerecord
  sinatra-assetpack
  sinatra-contrib
  sinatra-partial
  sinatra-routing-helpers
  sinatra-support (~> 1.2.0)
  sinatra-tag-helpers
  sqlite3
  thin
